GEM
  remote: https://rubygems.org/
  specs:
    cabin (0.5.0)
    haml (4.0.0)
    jls-grok (0.10.10)
      cabin (~> 0.5.0)
    json (2.1.0)
    kgio (2.8.0)
    rack (1.4.1)
    rack-protection (1.2.0)
      rack
    raindrops (0.11.0)
    shotgun (0.9)
      rack (>= 1.0)
    sinatra (1.3.3)
      rack (~> 1.3, >= 1.3.6)
      rack-protection (~> 1.2)
      tilt (~> 1.3, >= 1.3.3)
    tilt (1.3.3)
    unicorn (4.6.3)
      kgio (~> 2.6)
      rack
      raindrops (~> 0.7)

PLATFORMS
  ruby

DEPENDENCIES
  haml
  jls-grok
  json
  shotgun
  sinatra
  unicorn
